PATH
  remote: .
  specs:
    event_state (0.0.1)
      eventmachine (~> 0.12.10)

GEM
  remote: http://rubygems.org/
  specs:
    eventmachine (0.12.10)
    gemma (2.0.0)
      bundler (~> 1.0.18)
      highline (~> 1.6.2)
      minitest (~> 2.5.1)
      rake (~> 0.9.2)
      rdoc (~> 3.9.4)
      yard (~> 0.7.2)
    highline (1.6.8)
    minitest (2.5.1)
    rake (0.9.2.2)
    rdoc (3.9.4)
    yard (0.7.4)

PLATFORMS
  ruby

DEPENDENCIES
  event_state!
  gemma (~> 2.0.0)
