PATH
  remote: .
  specs:
    event_state (0.1.0)
      eventmachine (~> 0.12.10)

GEM
  remote: http://rubygems.org/
  specs:
    eventmachine (0.12.10)
    gemma (2.4.0)
      highline (~> 1.6.15)
      minitest (~> 2.12.1)
      rake (~> 0.9.2)
      rdoc (~> 3.12.0)
      yard (~> 0.8.2)
    highline (1.6.15)
    json (1.7.5)
    minitest (2.12.1)
    rake (0.9.2.2)
    rdoc (3.12)
      json (~> 1.4)
    yard (0.8.2.1)

PLATFORMS
  ruby

DEPENDENCIES
  event_state!
  gemma (~> 2.4.0)
